GEM
  remote: http://rubygems.org/
  specs:
    rack (1.1.0)
    rmagick (2.13.1)
    sinatra (1.2.6)
      rack (~> 1.1)
      tilt (>= 1.2.2, < 2.0)
    tilt (1.3.3)
    xml-simple (1.1.2)

PLATFORMS
  ruby

DEPENDENCIES
  rack (= 1.1)
  rmagick
  sinatra
  xml-simple
